GEM
  remote: http://rubygems.org/
  specs:
    git (1.2.5)
    jeweler (1.8.3)
      bundler (~> 1.0)
      git (>= 1.2.5)
      rake
      rdoc
    json (1.7.0)
    metaclass (0.0.1)
    mocha (0.11.3)
      metaclass (~> 0.0.1)
    rake (0.9.2.2)
    rdoc (3.12)
      json (~> 1.4)
    shoulda (3.0.1)
      shoulda-context (~> 1.0.0)
      shoulda-matchers (~> 1.0.0)
    shoulda-context (1.0.0)
    shoulda-matchers (1.0.0)
    timecop (0.3.5)

PLATFORMS
  ruby

DEPENDENCIES
  bundler
  jeweler
  mocha
  rdoc
  shoulda
  timecop
